NUGET
  remote: https://www.nuget.org/api/v2
    AngleSharp (0.9.9)
      Microsoft.Bcl.Async (>= 1.0.168) - framework: net40, sl50
      System.Collections (>= 4.0.11) - framework: >= netstandard10
      System.Diagnostics.Debug (>= 4.0.11) - framework: >= netstandard10
      System.Dynamic.Runtime (>= 4.0.11) - framework: >= netstandard10
      System.IO (>= 4.1) - framework: >= netstandard10
      System.Linq (>= 4.1) - framework: >= netstandard10
      System.Net.Primitives (>= 4.0.11) - framework: >= netstandard10
      System.Net.Requests (>= 4.0.11) - framework: >= netstandard10
      System.Reflection (>= 4.1) - framework: >= netstandard10
      System.Reflection.Extensions (>= 4.0.1) - framework: >= netstandard10
      System.Resources.ResourceManager (>= 4.0.1) - framework: >= netstandard10
      System.Runtime (>= 4.1) - framework: >= netstandard10
      System.Runtime.Extensions (>= 4.1) - framework: >= netstandard10
      System.Text.Encoding (>= 4.0.11) - framework: >= netstandard10
      System.Text.Encoding.Extensions (>= 4.0.11) - framework: >= netstandard10
      System.Text.RegularExpressions (>= 4.1) - framework: >= netstandard10
      System.Threading (>= 4.0.11) - framework: >= netstandard10
      System.Threading.Tasks (>= 4.0.11) - framework: >= netstandard10
    Argu (3.7)
      FSharp.Core (>= 4.0.1.7-alpha) - framework: >= netstandard15
      NETStandard.Library (>= 1.6) - framework: >= netstandard15
      System.Xml.XDocument (>= 4.0.11) - framework: >= netstandard15
    Autofac (4.2)
      NETStandard.Library (>= 1.6) - framework: >= netstandard11
      System.ComponentModel (>= 4.0.1) - framework: >= netstandard11
    AutoMapper (5.1.1)
      Microsoft.CSharp (>= 4.0.1) - framework: netstandard11, >= netstandard13
      NETStandard.Library (>= 1.6) - framework: netstandard11, >= netstandard13
      System.Collections.Specialized (>= 4.0.1) - framework: >= netstandard13
      System.ComponentModel.TypeConverter (>= 4.1) - framework: netstandard11, >= netstandard13
      System.Dynamic.Runtime (>= 4.0.11) - framework: netstandard11, >= netstandard13
      System.Linq.Queryable (>= 4.0.1) - framework: netstandard11, >= netstandard13
    BCrypt-Official (0.1.109)
    difflib (2017.7.26.1241)
      NETStandard.Library (>= 1.6.1) - framework: >= netstandard10
    DotNetZip (1.10.1)
    EntityFramework (6.1.3) - framework: net40, net45, net451, >= net46
    FAKE (4.45.2)
    FSharp.Control.AsyncSeq (2.0.9)
    FSharp.Core (4.2.3)
      System.Collections (>= 4.0.11) - framework: >= netstandard15
      System.Console (>= 4.0) - framework: >= netstandard15
      System.Diagnostics.Debug (>= 4.0.11) - framework: >= netstandard15
      System.Diagnostics.Tools (>= 4.0.1) - framework: >= netstandard15
      System.Globalization (>= 4.0.11) - framework: >= netstandard15
      System.IO (>= 4.1) - framework: >= netstandard15
      System.Linq (>= 4.1) - framework: >= netstandard15
      System.Linq.Expressions (>= 4.1) - framework: >= netstandard15
      System.Linq.Queryable (>= 4.0.1) - framework: >= netstandard15
      System.Net.Requests (>= 4.0.11) - framework: >= netstandard15
      System.Reflection (>= 4.1) - framework: >= netstandard15
      System.Reflection.Extensions (>= 4.0.1) - framework: >= netstandard15
      System.Resources.ResourceManager (>= 4.0.1) - framework: >= netstandard15
      System.Runtime (>= 4.1) - framework: >= netstandard15
      System.Runtime.Extensions (>= 4.1) - framework: >= netstandard15
      System.Runtime.Numerics (>= 4.0.1) - framework: >= netstandard15
      System.Text.RegularExpressions (>= 4.1) - framework: >= netstandard15
      System.Threading (>= 4.0.11) - framework: >= netstandard15
      System.Threading.Tasks (>= 4.0.11) - framework: >= netstandard15
      System.Threading.Tasks.Parallel (>= 4.0.1) - framework: >= netstandard15
      System.Threading.Thread (>= 4.0) - framework: >= netstandard15
      System.Threading.ThreadPool (>= 4.0.10) - framework: >= netstandard15
      System.Threading.Timer (>= 4.0.1) - framework: >= netstandard15
    FSharp.Quotations.Evaluator (1.0.7)
    FSharpLog (2.0)
    FSharpx (1.2.1.110910)
    FSharpx.Async (1.13)
      FSharp.Control.AsyncSeq
      FSharp.Core
    FSharpx.Collections (1.15.2)
      FSharp.Core
    FSharpx.Core (1.8.32)
    FSharpx.Extras (2.2)
      FSharpx.Async
      FSharpx.Collections
    FsPickler (3.2)
    LiteDB (4.0)
      NETStandard.Library (>= 1.6.1) - framework: netstandard13
      System.Reflection (>= 4.3) - framework: netstandard13, >= netstandard15
      System.Reflection.TypeExtensions (>= 4.3) - framework: netstandard13, >= netstandard15
      System.Threading.Thread (>= 4.0) - framework: netstandard13, >= netstandard15
    Microsoft.Bcl (1.1.10) - framework: net40, sl50
      Microsoft.Bcl.Build (>= 1.0.14)
    Microsoft.Bcl.Async (1.0.168) - framework: net40, sl50
      Microsoft.Bcl (>= 1.1.8)
    Microsoft.Bcl.Build (1.0.21) - import_targets: false, framework: net40, sl50
    Microsoft.CSharp (4.4) - framework: netstandard10, netstandard11, >= netstandard13
      NETStandard.Library (>= 1.6.1) - framework: dnxcore50, netstandard10, netstandard13
      System.Dynamic.Runtime (>= 4.3) - framework: dnxcore50, netstandard10, netstandard13
      System.Reflection.TypeExtensions (>= 4.3) - framework: dnxcore50, netstandard13
    Microsoft.IdentityModel.Logging (1.1) - framework: >= net451, >= netstandard14
      System.Diagnostics.Tracing (>= 4.3) - framework: >= netstandard14
      System.Globalization (>= 4.3) - framework: >= netstandard14
      System.IO (>= 4.3) - framework: >= netstandard14
      System.IO.FileSystem (>= 4.3) - framework: >= netstandard14
    Microsoft.IdentityModel.Tokens (5.1) - framework: >= net451, >= netstandard14
      Microsoft.IdentityModel.Logging (>= 1.1) - framework: >= net451, >= netstandard14
      Newtonsoft.Json (>= 9.0.1) - framework: >= net451, >= netstandard14
      System.Collections (>= 4.3) - framework: >= netstandard14
      System.Diagnostics.Tools (>= 4.3) - framework: >= netstandard14
      System.Runtime (>= 4.3) - framework: >= netstandard14
      System.Runtime.Extensions (>= 4.3) - framework: >= netstandard14
      System.Runtime.InteropServices (>= 4.3) - framework: >= netstandard14
      System.Runtime.InteropServices.RuntimeInformation (>= 4.3) - framework: >= netstandard14
      System.Security.Claims (>= 4.3) - framework: >= netstandard14
      System.Security.Cryptography.Algorithms (>= 4.3) - framework: >= netstandard14
      System.Security.Cryptography.Csp (>= 4.3) - framework: >= netstandard14
      System.Security.Cryptography.X509Certificates (>= 4.3) - framework: >= netstandard14
      System.Text.RegularExpressions (>= 4.3) - framework: >= netstandard14
      System.Threading (>= 4.3) - framework: >= netstandard14
      System.Xml.ReaderWriter (>= 4.3) - framework: >= netstandard14
    Microsoft.NETCore.Platforms (2.0) - framework: >= netstandard10
    Microsoft.NETCore.Targets (2.0) - framework: >= netstandard10
    Microsoft.Win32.Primitives (4.3) - framework: >= netstandard13
      Microsoft.NETCore.Platforms (>= 1.1) - framework: >= netstandard13
      Microsoft.NETCore.Targets (>= 1.1) - framework: >= netstandard13
      System.Runtime (>= 4.3) - framework: >= netstandard13
    Mono.Data.Sqlite.Portable (1.0.3.5)
    MoonSharp (2.0)
    NETStandard.Library (2.0.1) - framework: >= netstandard10
      Microsoft.NETCore.Platforms (>= 1.1)
      Microsoft.Win32.Primitives (>= 4.3) - framework: net46, >= netstandard13
      System.AppContext (>= 4.3) - framework: net46, >= netstandard13
      System.Collections (>= 4.3) - framework: >= netstandard10
      System.Collections.Concurrent (>= 4.3) - framework: >= netstandard11
      System.Console (>= 4.3) - framework: net46, >= netstandard13
      System.Diagnostics.Debug (>= 4.3) - framework: >= netstandard10
      System.Diagnostics.Tools (>= 4.3) - framework: >= netstandard10
      System.Diagnostics.Tracing (>= 4.3) - framework: >= netstandard11
      System.Globalization (>= 4.3) - framework: >= netstandard10
      System.Globalization.Calendars (>= 4.3) - framework: net46, >= netstandard13
      System.IO (>= 4.3) - framework: >= netstandard10
      System.IO.Compression (>= 4.3) - framework: net46, >= netstandard11
      System.IO.Compression.ZipFile (>= 4.3) - framework: net46, >= netstandard13
      System.IO.FileSystem (>= 4.3) - framework: net46, >= netstandard13
      System.IO.FileSystem.Primitives (>= 4.3) - framework: net46, >= netstandard13
      System.Linq (>= 4.3) - framework: >= netstandard10
      System.Linq.Expressions (>= 4.3) - framework: >= netstandard10
      System.Net.Http (>= 4.3.2) - framework: net46, >= netstandard11
      System.Net.Primitives (>= 4.3) - framework: >= netstandard10
      System.Net.Sockets (>= 4.3) - framework: net46, >= netstandard13
      System.ObjectModel (>= 4.3) - framework: >= netstandard10
      System.Reflection (>= 4.3) - framework: >= netstandard10
      System.Reflection.Extensions (>= 4.3) - framework: >= netstandard10
      System.Reflection.Primitives (>= 4.3) - framework: >= netstandard10
      System.Resources.ResourceManager (>= 4.3) - framework: >= netstandard10
      System.Runtime (>= 4.3) - framework: >= netstandard10
      System.Runtime.Extensions (>= 4.3) - framework: >= netstandard10
      System.Runtime.Handles (>= 4.3) - framework: >= netstandard13
      System.Runtime.InteropServices (>= 4.3) - framework: >= netstandard11
      System.Runtime.InteropServices.RuntimeInformation (>= 4.3) - framework: net45, net451, net46, >= netstandard11, portable45-net45+win8+wpa81, portable46-net451+win81+wpa81, wpav8.1
      System.Runtime.Numerics (>= 4.3) - framework: >= netstandard11
      System.Security.Cryptography.Algorithms (>= 4.3) - framework: net46, >= netstandard13
      System.Security.Cryptography.Encoding (>= 4.3) - framework: net46, >= netstandard13
      System.Security.Cryptography.Primitives (>= 4.3) - framework: net46, >= netstandard13
      System.Security.Cryptography.X509Certificates (>= 4.3) - framework: net46, >= netstandard13
      System.Text.Encoding (>= 4.3) - framework: >= netstandard10
      System.Text.Encoding.Extensions (>= 4.3) - framework: >= netstandard10
      System.Text.RegularExpressions (>= 4.3) - framework: >= netstandard10
      System.Threading (>= 4.3) - framework: >= netstandard10
      System.Threading.Tasks (>= 4.3) - framework: >= netstandard10
      System.Threading.Timer (>= 4.3) - framework: >= netstandard12
      System.Xml.ReaderWriter (>= 4.3) - framework: net46, >= netstandard10
      System.Xml.XDocument (>= 4.3) - framework: >= netstandard10
    Newtonsoft.Json (10.0.3)
      Microsoft.CSharp (>= 4.3) - framework: netstandard10, >= netstandard13
      NETStandard.Library (>= 1.6.1) - framework: netstandard10, >= netstandard13
      System.ComponentModel.TypeConverter (>= 4.3) - framework: netstandard10, >= netstandard13
      System.Runtime.Serialization.Formatters (>= 4.3) - framework: >= netstandard13
      System.Runtime.Serialization.Primitives (>= 4.3) - framework: netstandard10, >= netstandard13
      System.Xml.XmlDocument (>= 4.3) - framework: >= netstandard13
    runtime.debian.8-x64.runtime.native.System.Security.Cryptography.OpenSsl (4.3.2) - framework: >= netstandard13
    runtime.fedora.23-x64.runtime.native.System.Security.Cryptography.OpenSsl (4.3.2) - framework: >= netstandard13
    runtime.fedora.24-x64.runtime.native.System.Security.Cryptography.OpenSsl (4.3.2) - framework: >= netstandard13
    runtime.native.System (4.3) - framework: >= netstandard11
      Microsoft.NETCore.Platforms (>= 1.1)
      Microsoft.NETCore.Targets (>= 1.1)
    runtime.native.System.IO.Compression (4.3.1) - framework: >= netstandard13
      Microsoft.NETCore.Platforms (>= 1.1)
      Microsoft.NETCore.Targets (>= 1.1.1)
    runtime.native.System.Net.Http (4.3) - framework: >= netstandard15
      Microsoft.NETCore.Platforms (>= 1.1)
      Microsoft.NETCore.Targets (>= 1.1)
    runtime.native.System.Security.Cryptography.Apple (4.3.1) - framework: >= netstandard15
      runtime.osx.10.10-x64.runtime.native.System.Security.Cryptography.Apple (>= 4.3.1)
    runtime.native.System.Security.Cryptography.OpenSsl (4.3.2) - framework: >= netstandard13
      runtime.debian.8-x64.runtime.native.System.Security.Cryptography.OpenSsl (>= 4.3.2)
      runtime.fedora.23-x64.runtime.native.System.Security.Cryptography.OpenSsl (>= 4.3.2)
      runtime.fedora.24-x64.runtime.native.System.Security.Cryptography.OpenSsl (>= 4.3.2)
      runtime.opensuse.13.2-x64.runtime.native.System.Security.Cryptography.OpenSsl (>= 4.3.2)
      runtime.opensuse.42.1-x64.runtime.native.System.Security.Cryptography.OpenSsl (>= 4.3.2)
      runtime.osx.10.10-x64.runtime.native.System.Security.Cryptography.OpenSsl (>= 4.3.2)
      runtime.rhel.7-x64.runtime.native.System.Security.Cryptography.OpenSsl (>= 4.3.2)
      runtime.ubuntu.14.04-x64.runtime.native.System.Security.Cryptography.OpenSsl (>= 4.3.2)
      runtime.ubuntu.16.04-x64.runtime.native.System.Security.Cryptography.OpenSsl (>= 4.3.2)
      runtime.ubuntu.16.10-x64.runtime.native.System.Security.Cryptography.OpenSsl (>= 4.3.2)
    runtime.opensuse.13.2-x64.runtime.native.System.Security.Cryptography.OpenSsl (4.3.2) - framework: >= netstandard13
    runtime.opensuse.42.1-x64.runtime.native.System.Security.Cryptography.OpenSsl (4.3.2) - framework: >= netstandard13
    runtime.osx.10.10-x64.runtime.native.System.Security.Cryptography.Apple (4.3.1) - framework: >= netstandard15
    runtime.osx.10.10-x64.runtime.native.System.Security.Cryptography.OpenSsl (4.3.2) - framework: >= netstandard13
    runtime.rhel.7-x64.runtime.native.System.Security.Cryptography.OpenSsl (4.3.2) - framework: >= netstandard13
    runtime.ubuntu.14.04-x64.runtime.native.System.Security.Cryptography.OpenSsl (4.3.2) - framework: >= netstandard13
    runtime.ubuntu.16.04-x64.runtime.native.System.Security.Cryptography.OpenSsl (4.3.2) - framework: >= netstandard13
    runtime.ubuntu.16.10-x64.runtime.native.System.Security.Cryptography.OpenSsl (4.3.2) - framework: >= netstandard13
    Selenium.WebDriver (3.5)
    Selenium.WebDriver.ChromeDriver (2.31)
    SharpZipLib (0.86)
    Suave (1.1.3)
      FSharp.Core (>= 3.1.2.5)
    System.AppContext (4.3) - framework: >= netstandard13
      System.Runtime (>= 4.3) - framework: dnxcore50, netstandard13, >= netstandard15
    System.Buffers (4.4) - framework: >= netstandard13
    System.Collections (4.3) - framework: >= netstandard10
      Microsoft.NETCore.Platforms (>= 1.1) - framework: dnxcore50, netstandard10, >= netstandard13
      Microsoft.NETCore.Targets (>= 1.1) - framework: dnxcore50, netstandard10, >= netstandard13
      System.Runtime (>= 4.3) - framework: dnxcore50, netstandard10, >= netstandard13
    System.Collections.Concurrent (4.3) - framework: >= netstandard11
      System.Collections (>= 4.3) - framework: dnxcore50, >= netstandard13
      System.Diagnostics.Debug (>= 4.3) - framework: dnxcore50, >= netstandard13
      System.Diagnostics.Tracing (>= 4.3) - framework: dnxcore50, >= netstandard13
      System.Globalization (>= 4.3) - framework: dnxcore50, >= netstandard13
      System.Reflection (>= 4.3) - framework: >= netstandard13
      System.Resources.ResourceManager (>= 4.3) - framework: dnxcore50, >= netstandard13
      System.Runtime (>= 4.3) - framework: dnxcore50, netstandard11, >= netstandard13
      System.Runtime.Extensions (>= 4.3) - framework: dnxcore50, >= netstandard13
      System.Threading (>= 4.3) - framework: dnxcore50, >= netstandard13
      System.Threading.Tasks (>= 4.3) - framework: dnxcore50, netstandard11, >= netstandard13
    System.Collections.NonGeneric (4.3) - framework: >= netstandard13
      System.Diagnostics.Debug (>= 4.3) - framework: >= netstandard13
      System.Globalization (>= 4.3) - framework: >= netstandard13
      System.Resources.ResourceManager (>= 4.3) - framework: >= netstandard13
      System.Runtime (>= 4.3) - framework: >= netstandard13
      System.Runtime.Extensions (>= 4.3) - framework: >= netstandard13
      System.Threading (>= 4.3) - framework: >= netstandard13
    System.Collections.Specialized (4.3) - framework: >= netstandard13
      System.Collections.NonGeneric (>= 4.3) - framework: >= netstandard13
      System.Globalization (>= 4.3) - framework: >= netstandard13
      System.Globalization.Extensions (>= 4.3) - framework: >= netstandard13
      System.Resources.ResourceManager (>= 4.3) - framework: >= netstandard13
      System.Runtime (>= 4.3) - framework: >= netstandard13
      System.Runtime.Extensions (>= 4.3) - framework: >= netstandard13
      System.Threading (>= 4.3) - framework: >= netstandard13
    System.ComponentModel (4.3) - framework: >= netstandard10
      System.Runtime (>= 4.3) - framework: dnxcore50, netstandard10, >= netstandard13
    System.ComponentModel.Primitives (4.3) - framework: netstandard10, >= netstandard15
      System.ComponentModel (>= 4.3) - framework: >= netstandard10
      System.Resources.ResourceManager (>= 4.3) - framework: >= netstandard10
      System.Runtime (>= 4.3) - framework: >= netstandard10
    System.ComponentModel.TypeConverter (4.3) - framework: netstandard10, netstandard11, >= netstandard13
      System.Collections (>= 4.3) - framework: netstandard10, >= netstandard15
      System.Collections.NonGeneric (>= 4.3) - framework: >= netstandard15
      System.Collections.Specialized (>= 4.3) - framework: >= netstandard15
      System.ComponentModel (>= 4.3) - framework: netstandard10, >= netstandard15
      System.ComponentModel.Primitives (>= 4.3) - framework: >= net45, netstandard10, >= netstandard15, winv4.5, wpv8.0, wpav8.1
      System.Globalization (>= 4.3) - framework: netstandard10, >= netstandard15
      System.Linq (>= 4.3) - framework: >= netstandard15
      System.Reflection (>= 4.3) - framework: netstandard10, >= netstandard15
      System.Reflection.Extensions (>= 4.3) - framework: netstandard10, >= netstandard15
      System.Reflection.Primitives (>= 4.3) - framework: netstandard10, >= netstandard15
      System.Reflection.TypeExtensions (>= 4.3) - framework: >= netstandard15
      System.Resources.ResourceManager (>= 4.3) - framework: netstandard10, >= netstandard15
      System.Runtime (>= 4.3) - framework: netstandard10, >= netstandard15
      System.Runtime.Extensions (>= 4.3) - framework: netstandard10, >= netstandard15
      System.Threading (>= 4.3) - framework: netstandard10, >= netstandard15
    System.Console (4.3) - framework: >= netstandard13
      Microsoft.NETCore.Platforms (>= 1.1) - framework: >= netstandard13
      Microsoft.NETCore.Targets (>= 1.1) - framework: >= netstandard13
      System.IO (>= 4.3) - framework: >= netstandard13
      System.Runtime (>= 4.3) - framework: >= netstandard13
      System.Text.Encoding (>= 4.3) - framework: >= netstandard13
    System.Data.SQLite (1.0.104)
      System.Data.SQLite.Core (>= 1.0.104) - framework: net20, net40, net45, net451, >= net46
      System.Data.SQLite.EF6 (>= 1.0.104) - framework: net40, net45, net451, >= net46
      System.Data.SQLite.Linq (>= 1.0.104) - framework: net20, net40, net45, net451, >= net46
    System.Data.SQLite.Core (1.0.104) - framework: net20, net40, net45, net451, >= net46
    System.Data.SQLite.EF6 (1.0.104) - framework: net40, net45, net451, >= net46
      EntityFramework (>= 6.0) - framework: net40, net45, net451, >= net46
    System.Data.SQLite.Linq (1.0.104) - framework: net20, net40, net45, net451, >= net46
    System.Diagnostics.Debug (4.3) - framework: >= netstandard10
      Microsoft.NETCore.Platforms (>= 1.1) - framework: dnxcore50, netstandard10, >= netstandard13
      Microsoft.NETCore.Targets (>= 1.1) - framework: dnxcore50, netstandard10, >= netstandard13
      System.Runtime (>= 4.3) - framework: dnxcore50, netstandard10, >= netstandard13
    System.Diagnostics.DiagnosticSource (4.4.1) - framework: netstandard13, >= netstandard15
      System.Collections (>= 4.3) - framework: netstandard11, >= netstandard13
      System.Diagnostics.Debug (>= 4.3) - framework: >= netstandard13
      System.Diagnostics.Tracing (>= 4.3) - framework: netstandard11, >= netstandard13
      System.Reflection (>= 4.3) - framework: netstandard11, >= netstandard13
      System.Runtime (>= 4.3) - framework: netstandard11, >= netstandard13
      System.Runtime.Extensions (>= 4.3) - framework: >= netstandard13
      System.Threading (>= 4.3) - framework: netstandard11, >= netstandard13
    System.Diagnostics.Tools (4.3) - framework: >= netstandard10
      Microsoft.NETCore.Platforms (>= 1.1) - framework: dnxcore50, >= netstandard10
      Microsoft.NETCore.Targets (>= 1.1) - framework: dnxcore50, >= netstandard10
      System.Runtime (>= 4.3) - framework: dnxcore50, >= netstandard10
    System.Diagnostics.Tracing (4.3) - framework: >= netstandard11
      Microsoft.NETCore.Platforms (>= 1.1) - framework: dnxcore50, netstandard11, netstandard12, netstandard13, >= netstandard15
      Microsoft.NETCore.Targets (>= 1.1) - framework: dnxcore50, netstandard11, netstandard12, netstandard13, >= netstandard15
      System.Runtime (>= 4.3) - framework: dnxcore50, netstandard11, netstandard12, netstandard13, >= netstandard15
    System.Dynamic.Runtime (4.3) - framework: >= netstandard10
      System.Collections (>= 4.3) - framework: dnxcore50, >= netstandard13
      System.Diagnostics.Debug (>= 4.3) - framework: dnxcore50, >= netstandard13
      System.Linq (>= 4.3) - framework: dnxcore50, >= netstandard13
      System.Linq.Expressions (>= 4.3) - framework: dnxcore50, netstandard10, >= netstandard13
      System.ObjectModel (>= 4.3) - framework: dnxcore50, netstandard10, >= netstandard13
      System.Reflection (>= 4.3) - framework: dnxcore50, netstandard10, >= netstandard13
      System.Reflection.Emit (>= 4.3) - framework: >= netstandard13
      System.Reflection.Emit.ILGeneration (>= 4.3) - framework: >= netstandard13
      System.Reflection.Primitives (>= 4.3) - framework: >= netstandard13
      System.Reflection.TypeExtensions (>= 4.3) - framework: dnxcore50, >= netstandard13
      System.Resources.ResourceManager (>= 4.3) - framework: dnxcore50, >= netstandard13
      System.Runtime (>= 4.3) - framework: dnxcore50, netstandard10, >= netstandard13
      System.Runtime.Extensions (>= 4.3) - framework: dnxcore50, >= netstandard13
      System.Threading (>= 4.3) - framework: dnxcore50, >= netstandard13
    System.Globalization (4.3) - framework: >= netstandard10
      Microsoft.NETCore.Platforms (>= 1.1) - framework: dnxcore50, netstandard10, >= netstandard13
      Microsoft.NETCore.Targets (>= 1.1) - framework: dnxcore50, netstandard10, >= netstandard13
      System.Runtime (>= 4.3) - framework: dnxcore50, netstandard10, >= netstandard13
    System.Globalization.Calendars (4.3) - framework: >= netstandard13
      Microsoft.NETCore.Platforms (>= 1.1) - framework: >= netstandard13
      Microsoft.NETCore.Targets (>= 1.1) - framework: >= netstandard13
      System.Globalization (>= 4.3) - framework: >= netstandard13
      System.Runtime (>= 4.3) - framework: >= netstandard13
    System.Globalization.Extensions (4.3) - framework: >= netstandard13
      Microsoft.NETCore.Platforms (>= 1.1) - framework: >= netstandard13
      System.Globalization (>= 4.3) - framework: >= netstandard13
      System.Resources.ResourceManager (>= 4.3) - framework: >= netstandard13
      System.Runtime (>= 4.3) - framework: >= netstandard13
      System.Runtime.Extensions (>= 4.3) - framework: >= netstandard13
      System.Runtime.InteropServices (>= 4.3) - framework: >= netstandard13
    System.IdentityModel.Tokens.Jwt (5.1)
      Microsoft.IdentityModel.Tokens (>= 5.1) - framework: >= net451, >= netstandard14
    System.IO (4.3) - framework: >= netstandard10
      Microsoft.NETCore.Platforms (>= 1.1) - framework: dnxcore50, netstandard10, netstandard13, >= netstandard15
      Microsoft.NETCore.Targets (>= 1.1) - framework: dnxcore50, netstandard10, netstandard13, >= netstandard15
      System.Runtime (>= 4.3) - framework: dnxcore50, netstandard10, netstandard13, >= netstandard15
      System.Text.Encoding (>= 4.3) - framework: dnxcore50, netstandard10, netstandard13, >= netstandard15
      System.Threading.Tasks (>= 4.3) - framework: dnxcore50, netstandard10, netstandard13, >= netstandard15
    System.IO.Compression (4.3) - framework: >= netstandard11
      Microsoft.NETCore.Platforms (>= 1.1) - framework: >= netstandard13
      runtime.native.System (>= 4.3) - framework: >= netstandard13
      runtime.native.System.IO.Compression (>= 4.3) - framework: dnxcore50, >= netstandard13
      System.Buffers (>= 4.3) - framework: dnxcore50, >= netstandard13
      System.Collections (>= 4.3) - framework: dnxcore50, >= netstandard13
      System.Diagnostics.Debug (>= 4.3) - framework: dnxcore50, >= netstandard13
      System.IO (>= 4.3) - framework: dnxcore50, netstandard11, >= netstandard13
      System.Resources.ResourceManager (>= 4.3) - framework: dnxcore50, >= netstandard13
      System.Runtime (>= 4.3) - framework: dnxcore50, netstandard11, >= netstandard13
      System.Runtime.Extensions (>= 4.3) - framework: dnxcore50, >= netstandard13
      System.Runtime.Handles (>= 4.3) - framework: dnxcore50, >= netstandard13
      System.Runtime.InteropServices (>= 4.3) - framework: dnxcore50, >= netstandard13
      System.Text.Encoding (>= 4.3) - framework: dnxcore50, netstandard11, >= netstandard13
      System.Threading (>= 4.3) - framework: dnxcore50, >= netstandard13
      System.Threading.Tasks (>= 4.3) - framework: dnxcore50, >= netstandard13
    System.IO.Compression.ZipFile (4.3) - framework: >= netstandard13
      System.Buffers (>= 4.3) - framework: >= netstandard13
      System.IO (>= 4.3) - framework: >= netstandard13
      System.IO.Compression (>= 4.3) - framework: >= netstandard13
      System.IO.FileSystem (>= 4.3) - framework: >= netstandard13
      System.IO.FileSystem.Primitives (>= 4.3) - framework: >= netstandard13
      System.Resources.ResourceManager (>= 4.3) - framework: >= netstandard13
      System.Runtime (>= 4.3) - framework: >= netstandard13
      System.Runtime.Extensions (>= 4.3) - framework: >= netstandard13
      System.Text.Encoding (>= 4.3) - framework: >= netstandard13
    System.IO.FileSystem (4.3) - framework: >= netstandard13
      Microsoft.NETCore.Platforms (>= 1.1) - framework: >= netstandard13
      Microsoft.NETCore.Targets (>= 1.1) - framework: >= netstandard13
      System.IO (>= 4.3) - framework: >= netstandard13
      System.IO.FileSystem.Primitives (>= 4.3) - framework: >= net46, >= netstandard13
      System.Runtime (>= 4.3) - framework: >= netstandard13
      System.Runtime.Handles (>= 4.3) - framework: >= netstandard13
      System.Text.Encoding (>= 4.3) - framework: >= netstandard13
      System.Threading.Tasks (>= 4.3) - framework: >= netstandard13
    System.IO.FileSystem.Primitives (4.3) - framework: >= netstandard13
      System.Runtime (>= 4.3) - framework: >= netstandard13
    System.Linq (4.3) - framework: >= netstandard10
      System.Collections (>= 4.3) - framework: dnxcore50, netstandard10, >= netstandard15
      System.Diagnostics.Debug (>= 4.3) - framework: dnxcore50, >= netstandard15
      System.Resources.ResourceManager (>= 4.3) - framework: dnxcore50, >= netstandard15
      System.Runtime (>= 4.3) - framework: dnxcore50, netstandard10, >= netstandard15
      System.Runtime.Extensions (>= 4.3) - framework: dnxcore50, >= netstandard15
    System.Linq.Expressions (4.3) - framework: >= netstandard10
      System.Collections (>= 4.3) - framework: dnxcore50, >= netstandard15
      System.Diagnostics.Debug (>= 4.3) - framework: dnxcore50, >= netstandard15
      System.Globalization (>= 4.3) - framework: dnxcore50, >= netstandard15
      System.IO (>= 4.3) - framework: dnxcore50, >= netstandard15
      System.Linq (>= 4.3) - framework: dnxcore50, >= netstandard15
      System.ObjectModel (>= 4.3) - framework: >= netstandard15
      System.Reflection (>= 4.3) - framework: dnxcore50, netstandard10, netstandard13, >= netstandard15
      System.Reflection.Emit (>= 4.3) - framework: >= netstandard15
      System.Reflection.Emit.ILGeneration (>= 4.3) - framework: dnxcore50, >= netstandard15
      System.Reflection.Emit.Lightweight (>= 4.3) - framework: dnxcore50, >= netstandard15
      System.Reflection.Extensions (>= 4.3) - framework: dnxcore50, >= netstandard15
      System.Reflection.Primitives (>= 4.3) - framework: dnxcore50, >= netstandard15
      System.Reflection.TypeExtensions (>= 4.3) - framework: dnxcore50, >= netstandard15
      System.Resources.ResourceManager (>= 4.3) - framework: dnxcore50, >= netstandard15
      System.Runtime (>= 4.3) - framework: dnxcore50, netstandard10, netstandard13, >= netstandard15
      System.Runtime.Extensions (>= 4.3) - framework: dnxcore50, >= netstandard15
      System.Threading (>= 4.3) - framework: dnxcore50, >= netstandard15
    System.Linq.Queryable (4.3) - framework: netstandard11, >= netstandard13
      System.Collections (>= 4.3) - framework: dnxcore50, >= netstandard13
      System.Diagnostics.Debug (>= 4.3) - framework: dnxcore50, >= netstandard13
      System.Linq (>= 4.3) - framework: dnxcore50, netstandard10, >= netstandard13
      System.Linq.Expressions (>= 4.3) - framework: dnxcore50, netstandard10, >= netstandard13
      System.Reflection (>= 4.3) - framework: dnxcore50, >= netstandard13
      System.Reflection.Extensions (>= 4.3) - framework: dnxcore50, >= netstandard13
      System.Resources.ResourceManager (>= 4.3) - framework: dnxcore50, >= netstandard13
      System.Runtime (>= 4.3) - framework: dnxcore50, netstandard10, >= netstandard13
    System.Net.Http (4.3.3) - framework: >= netstandard11
      Microsoft.NETCore.Platforms (>= 1.1) - framework: dnxcore50, netstandard13, >= netstandard15
      Microsoft.Win32.Primitives (>= 4.3) - framework: netstandard13
      runtime.native.System (>= 4.3) - framework: >= netstandard15
      runtime.native.System.Net.Http (>= 4.3) - framework: >= netstandard15
      runtime.native.System.Security.Cryptography.OpenSsl (>= 4.3.2) - framework: >= netstandard15
      System.Collections (>= 4.3) - framework: dnxcore50, netstandard13, >= netstandard15
      System.Diagnostics.Debug (>= 4.3) - framework: dnxcore50, netstandard13, >= netstandard15
      System.Diagnostics.DiagnosticSource (>= 4.3) - framework: dnxcore50, netstandard13, >= netstandard15
      System.Diagnostics.Tracing (>= 4.3) - framework: dnxcore50, netstandard13, >= netstandard15
      System.Globalization (>= 4.3) - framework: dnxcore50, netstandard13, >= netstandard15
      System.Globalization.Extensions (>= 4.3) - framework: >= netstandard15
      System.IO (>= 4.3) - framework: dnxcore50, netstandard11, netstandard13, >= netstandard15
      System.IO.Compression (>= 4.3) - framework: netstandard13
      System.IO.FileSystem (>= 4.3) - framework: >= netstandard15
      System.Net.Primitives (>= 4.3) - framework: dnxcore50, netstandard11, netstandard13, >= netstandard15
      System.Resources.ResourceManager (>= 4.3) - framework: dnxcore50, netstandard13, >= netstandard15
      System.Runtime (>= 4.3) - framework: dnxcore50, netstandard11, netstandard13, >= netstandard15
      System.Runtime.Extensions (>= 4.3) - framework: dnxcore50, netstandard13, >= netstandard15
      System.Runtime.Handles (>= 4.3) - framework: netstandard13, >= netstandard15
      System.Runtime.InteropServices (>= 4.3) - framework: dnxcore50, netstandard13, >= netstandard15
      System.Security.Cryptography.Algorithms (>= 4.3) - framework: >= netstandard15
      System.Security.Cryptography.Encoding (>= 4.3) - framework: netstandard13, >= netstandard15
      System.Security.Cryptography.OpenSsl (>= 4.3) - framework: >= netstandard15
      System.Security.Cryptography.Primitives (>= 4.3) - framework: >= netstandard15
      System.Security.Cryptography.X509Certificates (>= 4.3) - framework: >= net46, dnxcore50, netstandard13, >= netstandard15
      System.Text.Encoding (>= 4.3) - framework: dnxcore50, netstandard11, netstandard13, >= netstandard15
      System.Threading (>= 4.3) - framework: dnxcore50, netstandard13, >= netstandard15
      System.Threading.Tasks (>= 4.3) - framework: dnxcore50, netstandard11, netstandard13, >= netstandard15
    System.Net.Primitives (4.3) - framework: >= netstandard10
      Microsoft.NETCore.Platforms (>= 1.1) - framework: dnxcore50, netstandard10, netstandard11, >= netstandard13
      Microsoft.NETCore.Targets (>= 1.1) - framework: dnxcore50, netstandard10, netstandard11, >= netstandard13
      System.Runtime (>= 4.3) - framework: dnxcore50, netstandard10, netstandard11, >= netstandard13
      System.Runtime.Handles (>= 4.3) - framework: dnxcore50, >= netstandard13
    System.Net.Requests (4.3) - framework: >= netstandard10
      Microsoft.NETCore.Platforms (>= 1.1) - framework: >= netstandard13
      System.Collections (>= 4.3) - framework: dnxcore50, >= netstandard13
      System.Diagnostics.Debug (>= 4.3) - framework: dnxcore50, >= netstandard13
      System.Diagnostics.Tracing (>= 4.3) - framework: dnxcore50, >= netstandard13
      System.Globalization (>= 4.3) - framework: dnxcore50, >= netstandard13
      System.IO (>= 4.3) - framework: dnxcore50, netstandard10, netstandard11, >= netstandard13
      System.Net.Http (>= 4.3) - framework: dnxcore50, >= netstandard13
      System.Net.Primitives (>= 4.3) - framework: dnxcore50, netstandard10, netstandard11, >= netstandard13
      System.Net.WebHeaderCollection (>= 4.3) - framework: dnxcore50, >= netstandard13
      System.Resources.ResourceManager (>= 4.3) - framework: dnxcore50, >= netstandard13
      System.Runtime (>= 4.3) - framework: dnxcore50, netstandard10, netstandard11, >= netstandard13
      System.Threading (>= 4.3) - framework: dnxcore50, >= netstandard13
      System.Threading.Tasks (>= 4.3) - framework: dnxcore50, netstandard11, >= netstandard13
    System.Net.Sockets (4.3) - framework: >= netstandard13
      Microsoft.NETCore.Platforms (>= 1.1) - framework: >= netstandard13
      Microsoft.NETCore.Targets (>= 1.1) - framework: >= netstandard13
      System.IO (>= 4.3) - framework: >= netstandard13
      System.Net.Primitives (>= 4.3) - framework: >= netstandard13
      System.Runtime (>= 4.3) - framework: >= netstandard13
      System.Threading.Tasks (>= 4.3) - framework: >= netstandard13
    System.Net.WebHeaderCollection (4.3) - framework: >= netstandard13
      System.Collections (>= 4.3) - framework: >= netstandard13
      System.Resources.ResourceManager (>= 4.3) - framework: >= netstandard13
      System.Runtime (>= 4.3) - framework: >= netstandard13
      System.Runtime.Extensions (>= 4.3) - framework: >= netstandard13
    System.ObjectModel (4.3) - framework: >= netstandard10
      System.Collections (>= 4.3) - framework: dnxcore50, >= netstandard13
      System.Diagnostics.Debug (>= 4.3) - framework: dnxcore50, >= netstandard13
      System.Resources.ResourceManager (>= 4.3) - framework: dnxcore50, >= netstandard13
      System.Runtime (>= 4.3) - framework: dnxcore50, netstandard10, >= netstandard13
      System.Threading (>= 4.3) - framework: dnxcore50, >= netstandard13
    System.Reflection (4.3) - framework: >= netstandard10
      Microsoft.NETCore.Platforms (>= 1.1) - framework: dnxcore50, netstandard10, netstandard13, >= netstandard15
      Microsoft.NETCore.Targets (>= 1.1) - framework: dnxcore50, netstandard10, netstandard13, >= netstandard15
      System.IO (>= 4.3) - framework: dnxcore50, netstandard10, netstandard13, >= netstandard15
      System.Reflection.Primitives (>= 4.3) - framework: dnxcore50, netstandard10, netstandard13, >= netstandard15
      System.Runtime (>= 4.3) - framework: dnxcore50, netstandard10, netstandard13, >= netstandard15
    System.Reflection.Emit (4.3) - framework: >= netstandard13
      System.IO (>= 4.3) - framework: >= netstandard11
      System.Reflection (>= 4.3) - framework: >= netstandard11
      System.Reflection.Emit.ILGeneration (>= 4.3) - framework: >= netstandard11
      System.Reflection.Primitives (>= 4.3) - framework: >= netstandard11
      System.Runtime (>= 4.3) - framework: >= netstandard11
    System.Reflection.Emit.ILGeneration (4.3) - framework: >= netstandard13
      System.Reflection (>= 4.3) - framework: >= netstandard10
      System.Reflection.Primitives (>= 4.3) - framework: >= netstandard10
      System.Runtime (>= 4.3) - framework: >= netstandard10
    System.Reflection.Emit.Lightweight (4.3) - framework: >= netstandard15
      System.Reflection (>= 4.3) - framework: >= netstandard10
      System.Reflection.Emit.ILGeneration (>= 4.3) - framework: >= netstandard10
      System.Reflection.Primitives (>= 4.3) - framework: >= netstandard10
      System.Runtime (>= 4.3) - framework: >= netstandard10
    System.Reflection.Extensions (4.3) - framework: >= netstandard10
      Microsoft.NETCore.Platforms (>= 1.1) - framework: dnxcore50, >= netstandard10
      Microsoft.NETCore.Targets (>= 1.1) - framework: dnxcore50, >= netstandard10
      System.Reflection (>= 4.3) - framework: dnxcore50, >= netstandard10
      System.Runtime (>= 4.3) - framework: dnxcore50, >= netstandard10
    System.Reflection.Primitives (4.3) - framework: >= netstandard10
      Microsoft.NETCore.Platforms (>= 1.1) - framework: dnxcore50, >= netstandard10
      Microsoft.NETCore.Targets (>= 1.1) - framework: dnxcore50, >= netstandard10
      System.Runtime (>= 4.3) - framework: dnxcore50, >= netstandard10
    System.Reflection.TypeExtensions (4.4) - framework: >= netstandard13
      System.Reflection (>= 4.3) - framework: dnxcore50, netstandard13, >= netstandard15
      System.Resources.ResourceManager (>= 4.3) - framework: dnxcore50, netstandard13, >= netstandard15
      System.Runtime (>= 4.3) - framework: dnxcore50, netstandard13, >= netstandard15
    System.Resources.ResourceManager (4.3) - framework: >= netstandard10
      Microsoft.NETCore.Platforms (>= 1.1) - framework: dnxcore50, >= netstandard10
      Microsoft.NETCore.Targets (>= 1.1) - framework: dnxcore50, >= netstandard10
      System.Globalization (>= 4.3) - framework: dnxcore50, >= netstandard10
      System.Reflection (>= 4.3) - framework: dnxcore50, >= netstandard10
      System.Runtime (>= 4.3) - framework: dnxcore50, >= netstandard10
    System.Runtime (4.3) - framework: >= netstandard10
      Microsoft.NETCore.Platforms (>= 1.1) - framework: dnxcore50, netstandard10, netstandard12, netstandard13, >= netstandard15
      Microsoft.NETCore.Targets (>= 1.1) - framework: dnxcore50, netstandard10, netstandard12, netstandard13, >= netstandard15
    System.Runtime.Extensions (4.3) - framework: >= netstandard10
      Microsoft.NETCore.Platforms (>= 1.1) - framework: dnxcore50, netstandard10, netstandard13, >= netstandard15
      Microsoft.NETCore.Targets (>= 1.1) - framework: dnxcore50, netstandard10, netstandard13, >= netstandard15
      System.Runtime (>= 4.3) - framework: dnxcore50, netstandard10, netstandard13, >= netstandard15
    System.Runtime.Handles (4.3) - framework: >= netstandard13
      Microsoft.NETCore.Platforms (>= 1.1) - framework: >= netstandard13
      Microsoft.NETCore.Targets (>= 1.1) - framework: >= netstandard13
      System.Runtime (>= 4.3) - framework: >= netstandard13
    System.Runtime.InteropServices (4.3) - framework: >= netstandard11
      Microsoft.NETCore.Platforms (>= 1.1) - framework: dnxcore50, netstandard11, netstandard12, netstandard13, >= netstandard15
      Microsoft.NETCore.Targets (>= 1.1) - framework: dnxcore50, netstandard11, netstandard12, netstandard13, >= netstandard15
      System.Reflection (>= 4.3) - framework: dnxcore50, netstandard11, netstandard12, netstandard13, >= netstandard15
      System.Reflection.Primitives (>= 4.3) - framework: dnxcore50, netstandard11, netstandard12, netstandard13, >= netstandard15
      System.Runtime (>= 4.3) - framework: dnxcore50, netstandard11, netstandard12, netstandard13, >= netstandard15
      System.Runtime.Handles (>= 4.3) - framework: dnxcore50, netstandard13, >= netstandard15
    System.Runtime.InteropServices.RuntimeInformation (4.3) - framework: >= netstandard11
      runtime.native.System (>= 4.3) - framework: >= netstandard11
      System.Reflection (>= 4.3) - framework: dnxcore50, >= netstandard11
      System.Reflection.Extensions (>= 4.3) - framework: dnxcore50, >= netstandard11
      System.Resources.ResourceManager (>= 4.3) - framework: dnxcore50, >= netstandard11
      System.Runtime (>= 4.3) - framework: dnxcore50, >= netstandard11
      System.Runtime.InteropServices (>= 4.3) - framework: >= netstandard11
      System.Threading (>= 4.3) - framework: dnxcore50, >= netstandard11
    System.Runtime.Numerics (4.3) - framework: >= netstandard11
      System.Globalization (>= 4.3) - framework: dnxcore50, >= netstandard13
      System.Resources.ResourceManager (>= 4.3) - framework: dnxcore50, >= netstandard13
      System.Runtime (>= 4.3) - framework: dnxcore50, netstandard11, >= netstandard13
      System.Runtime.Extensions (>= 4.3) - framework: dnxcore50, >= netstandard13
    System.Runtime.Serialization.Formatters (4.3) - framework: >= netstandard13
      System.Collections (>= 4.3) - framework: >= netstandard14
      System.Reflection (>= 4.3) - framework: >= netstandard14
      System.Resources.ResourceManager (>= 4.3) - framework: >= netstandard14
      System.Runtime (>= 4.3) - framework: >= netstandard13
      System.Runtime.Serialization.Primitives (>= 4.3) - framework: >= net46, >= netstandard13
    System.Runtime.Serialization.Primitives (4.3) - framework: netstandard10, >= netstandard13
      System.Resources.ResourceManager (>= 4.3) - framework: dnxcore50, >= netstandard13
      System.Runtime (>= 4.3) - framework: dnxcore50, netstandard10, >= netstandard13
    System.Security.Claims (4.3) - framework: >= netstandard14
      System.Collections (>= 4.3) - framework: >= netstandard13
      System.Globalization (>= 4.3) - framework: >= netstandard13
      System.IO (>= 4.3) - framework: >= netstandard13
      System.Resources.ResourceManager (>= 4.3) - framework: >= netstandard13
      System.Runtime (>= 4.3) - framework: >= netstandard13
      System.Runtime.Extensions (>= 4.3) - framework: >= netstandard13
      System.Security.Principal (>= 4.3) - framework: >= netstandard13
    System.Security.Cryptography.Algorithms (4.3) - framework: >= netstandard13
      Microsoft.NETCore.Platforms (>= 1.1) - framework: dnxcore50, >= netstandard15
      runtime.native.System.Security.Cryptography.Apple (>= 4.3) - framework: >= netstandard15
      runtime.native.System.Security.Cryptography.OpenSsl (>= 4.3) - framework: >= netstandard15
      System.Collections (>= 4.3) - framework: >= netstandard15
      System.IO (>= 4.3) - framework: dnxcore50, >= netstandard13
      System.Resources.ResourceManager (>= 4.3) - framework: dnxcore50, >= netstandard15
      System.Runtime (>= 4.3) - framework: dnxcore50, >= netstandard13
      System.Runtime.Extensions (>= 4.3) - framework: dnxcore50, >= netstandard15
      System.Runtime.Handles (>= 4.3) - framework: dnxcore50, >= netstandard15
      System.Runtime.InteropServices (>= 4.3) - framework: dnxcore50, >= netstandard15
      System.Runtime.Numerics (>= 4.3) - framework: >= netstandard15
      System.Security.Cryptography.Encoding (>= 4.3) - framework: dnxcore50, >= netstandard15
      System.Security.Cryptography.Primitives (>= 4.3) - framework: net46, >= net461, dnxcore50, >= netstandard13
      System.Text.Encoding (>= 4.3) - framework: dnxcore50, >= netstandard15
    System.Security.Cryptography.Cng (4.4) - framework: >= netstandard15
      System.IO (>= 4.3) - framework: >= netstandard13
      System.Resources.ResourceManager (>= 4.3) - framework: >= netstandard13
      System.Runtime (>= 4.3) - framework: >= netstandard13
      System.Runtime.Extensions (>= 4.3) - framework: >= netstandard14
      System.Runtime.Handles (>= 4.3) - framework: >= netstandard13
      System.Runtime.InteropServices (>= 4.3) - framework: >= netstandard13
      System.Security.Cryptography.Algorithms (>= 4.3) - framework: net46, >= netstandard13
      System.Security.Cryptography.Encoding (>= 4.3) - framework: >= netstandard14
      System.Security.Cryptography.Primitives (>= 4.3) - framework: net46, >= netstandard13
      System.Text.Encoding (>= 4.3) - framework: >= netstandard14
    System.Security.Cryptography.Csp (4.3) - framework: >= netstandard14
      Microsoft.NETCore.Platforms (>= 1.1) - framework: >= netstandard13
      System.IO (>= 4.3) - framework: >= netstandard13
      System.Reflection (>= 4.3) - framework: >= netstandard13
      System.Resources.ResourceManager (>= 4.3) - framework: >= netstandard13
      System.Runtime (>= 4.3) - framework: >= netstandard13
      System.Runtime.Extensions (>= 4.3) - framework: >= netstandard13
      System.Runtime.Handles (>= 4.3) - framework: >= netstandard13
      System.Runtime.InteropServices (>= 4.3) - framework: >= netstandard13
      System.Security.Cryptography.Algorithms (>= 4.3) - framework: >= net46, >= netstandard13
      System.Security.Cryptography.Encoding (>= 4.3) - framework: >= netstandard13
      System.Security.Cryptography.Primitives (>= 4.3) - framework: >= net46, >= netstandard13
      System.Text.Encoding (>= 4.3) - framework: >= netstandard13
      System.Threading (>= 4.3) - framework: >= netstandard13
    System.Security.Cryptography.Encoding (4.3) - framework: >= netstandard13
      Microsoft.NETCore.Platforms (>= 1.1) - framework: >= netstandard13
      runtime.native.System.Security.Cryptography.OpenSsl (>= 4.3) - framework: >= netstandard13
      System.Collections (>= 4.3) - framework: >= netstandard13
      System.Collections.Concurrent (>= 4.3) - framework: >= netstandard13
      System.Linq (>= 4.3) - framework: >= netstandard13
      System.Resources.ResourceManager (>= 4.3) - framework: >= netstandard13
      System.Runtime (>= 4.3) - framework: >= netstandard13
      System.Runtime.Extensions (>= 4.3) - framework: >= netstandard13
      System.Runtime.Handles (>= 4.3) - framework: >= netstandard13
      System.Runtime.InteropServices (>= 4.3) - framework: >= netstandard13
      System.Security.Cryptography.Primitives (>= 4.3) - framework: >= netstandard13
      System.Text.Encoding (>= 4.3) - framework: >= netstandard13
    System.Security.Cryptography.OpenSsl (4.4) - framework: >= netstandard15
      System.Collections (>= 4.3) - framework: >= netstandard15
      System.IO (>= 4.3) - framework: >= netstandard15
      System.Resources.ResourceManager (>= 4.3) - framework: >= netstandard15
      System.Runtime (>= 4.3) - framework: >= netstandard15
      System.Runtime.Extensions (>= 4.3) - framework: >= netstandard15
      System.Runtime.Handles (>= 4.3) - framework: >= netstandard15
      System.Runtime.InteropServices (>= 4.3) - framework: >= netstandard15
      System.Runtime.Numerics (>= 4.3) - framework: >= netstandard15
      System.Security.Cryptography.Algorithms (>= 4.3) - framework: >= netstandard15
      System.Security.Cryptography.Encoding (>= 4.3) - framework: >= netstandard15
      System.Security.Cryptography.Primitives (>= 4.3) - framework: >= netstandard15
      System.Text.Encoding (>= 4.3) - framework: >= netstandard15
    System.Security.Cryptography.Primitives (4.3) - framework: >= netstandard13
      System.Diagnostics.Debug (>= 4.3) - framework: >= netstandard13
      System.Globalization (>= 4.3) - framework: >= netstandard13
      System.IO (>= 4.3) - framework: >= netstandard13
      System.Resources.ResourceManager (>= 4.3) - framework: >= netstandard13
      System.Runtime (>= 4.3) - framework: >= netstandard13
      System.Threading (>= 4.3) - framework: >= netstandard13
      System.Threading.Tasks (>= 4.3) - framework: >= netstandard13
    System.Security.Cryptography.X509Certificates (4.3.1) - framework: >= netstandard13
      Microsoft.NETCore.Platforms (>= 1.1) - framework: dnxcore50, >= netstandard15
      runtime.native.System (>= 4.3) - framework: >= netstandard15
      runtime.native.System.Net.Http (>= 4.3) - framework: >= netstandard15
      runtime.native.System.Security.Cryptography.OpenSsl (>= 4.3.2) - framework: >= netstandard15
      System.Collections (>= 4.3) - framework: dnxcore50, >= netstandard15
      System.Diagnostics.Debug (>= 4.3) - framework: >= netstandard15
      System.Globalization (>= 4.3) - framework: dnxcore50, >= netstandard15
      System.Globalization.Calendars (>= 4.3) - framework: dnxcore50, >= netstandard15
      System.IO (>= 4.3) - framework: dnxcore50, >= netstandard15
      System.IO.FileSystem (>= 4.3) - framework: dnxcore50, >= netstandard15
      System.IO.FileSystem.Primitives (>= 4.3) - framework: >= netstandard15
      System.Resources.ResourceManager (>= 4.3) - framework: dnxcore50, >= netstandard15
      System.Runtime (>= 4.3) - framework: dnxcore50, >= netstandard13
      System.Runtime.Extensions (>= 4.3) - framework: dnxcore50, >= netstandard15
      System.Runtime.Handles (>= 4.3) - framework: dnxcore50, >= netstandard13
      System.Runtime.InteropServices (>= 4.3) - framework: dnxcore50, >= netstandard15
      System.Runtime.Numerics (>= 4.3) - framework: dnxcore50, >= netstandard15
      System.Security.Cryptography.Algorithms (>= 4.3) - framework: net46, >= net461, dnxcore50, >= netstandard13
      System.Security.Cryptography.Cng (>= 4.3) - framework: dnxcore50, >= netstandard15
      System.Security.Cryptography.Csp (>= 4.3) - framework: >= netstandard15
      System.Security.Cryptography.Encoding (>= 4.3) - framework: net46, >= net461, dnxcore50, >= netstandard13
      System.Security.Cryptography.OpenSsl (>= 4.3) - framework: >= netstandard15
      System.Security.Cryptography.Primitives (>= 4.3) - framework: dnxcore50, >= netstandard15
      System.Text.Encoding (>= 4.3) - framework: dnxcore50, >= netstandard15
      System.Threading (>= 4.3) - framework: dnxcore50, >= netstandard15
    System.Security.Principal (4.3) - framework: >= netstandard14
      System.Runtime (>= 4.3) - framework: dnxcore50, >= netstandard10
    System.Text.Encoding (4.3) - framework: >= netstandard10
      Microsoft.NETCore.Platforms (>= 1.1) - framework: dnxcore50, netstandard10, >= netstandard13
      Microsoft.NETCore.Targets (>= 1.1) - framework: dnxcore50, netstandard10, >= netstandard13
      System.Runtime (>= 4.3) - framework: dnxcore50, netstandard10, >= netstandard13
    System.Text.Encoding.Extensions (4.3) - framework: >= netstandard10
      Microsoft.NETCore.Platforms (>= 1.1) - framework: dnxcore50, netstandard10, >= netstandard13
      Microsoft.NETCore.Targets (>= 1.1) - framework: dnxcore50, netstandard10, >= netstandard13
      System.Runtime (>= 4.3) - framework: dnxcore50, netstandard10, >= netstandard13
      System.Text.Encoding (>= 4.3) - framework: dnxcore50, netstandard10, >= netstandard13
    System.Text.RegularExpressions (4.3) - framework: >= netstandard10
      System.Collections (>= 4.3) - framework: dnxcore50, >= netstandard15
      System.Globalization (>= 4.3) - framework: dnxcore50, >= netstandard15
      System.Resources.ResourceManager (>= 4.3) - framework: dnxcore50, >= netstandard15
      System.Runtime (>= 4.3) - framework: dnxcore50, netstandard10, netstandard13, >= netstandard15
      System.Runtime.Extensions (>= 4.3) - framework: dnxcore50, >= netstandard15
      System.Threading (>= 4.3) - framework: dnxcore50, >= netstandard15
    System.Threading (4.3) - framework: >= netstandard10
      System.Runtime (>= 4.3) - framework: dnxcore50, netstandard10, >= netstandard13
      System.Threading.Tasks (>= 4.3) - framework: dnxcore50, netstandard10, >= netstandard13
    System.Threading.Tasks (4.3) - framework: >= netstandard10
      Microsoft.NETCore.Platforms (>= 1.1) - framework: dnxcore50, netstandard10, >= netstandard13
      Microsoft.NETCore.Targets (>= 1.1) - framework: dnxcore50, netstandard10, >= netstandard13
      System.Runtime (>= 4.3) - framework: dnxcore50, netstandard10, >= netstandard13
    System.Threading.Tasks.Extensions (4.4) - framework: >= netstandard13
    System.Threading.Tasks.Parallel (4.3) - framework: >= netstandard15
      System.Collections.Concurrent (>= 4.3) - framework: dnxcore50, netstandard11, >= netstandard13
      System.Diagnostics.Debug (>= 4.3) - framework: dnxcore50, >= netstandard13
      System.Diagnostics.Tracing (>= 4.3) - framework: dnxcore50, >= netstandard13
      System.Resources.ResourceManager (>= 4.3) - framework: dnxcore50, >= netstandard13
      System.Runtime (>= 4.3) - framework: dnxcore50, netstandard11, >= netstandard13
      System.Runtime.Extensions (>= 4.3) - framework: dnxcore50, >= netstandard13
      System.Threading (>= 4.3) - framework: dnxcore50, >= netstandard13
      System.Threading.Tasks (>= 4.3) - framework: dnxcore50, netstandard11, >= netstandard13
    System.Threading.Thread (4.3) - framework: netstandard13, >= netstandard15
      System.Runtime (>= 4.3) - framework: >= netstandard13
    System.Threading.ThreadPool (4.3) - framework: >= netstandard15
      System.Runtime (>= 4.3) - framework: >= netstandard13
      System.Runtime.Handles (>= 4.3) - framework: >= netstandard13
    System.Threading.Timer (4.3) - framework: >= netstandard12
      Microsoft.NETCore.Platforms (>= 1.1) - framework: dnxcore50, >= netstandard12
      Microsoft.NETCore.Targets (>= 1.1) - framework: dnxcore50, >= netstandard12
      System.Runtime (>= 4.3) - framework: dnxcore50, >= netstandard12
    System.Xml.ReaderWriter (4.3) - framework: >= netstandard10
      System.Collections (>= 4.3) - framework: dnxcore50, >= netstandard13
      System.Diagnostics.Debug (>= 4.3) - framework: dnxcore50, >= netstandard13
      System.Globalization (>= 4.3) - framework: dnxcore50, >= netstandard13
      System.IO (>= 4.3) - framework: dnxcore50, netstandard10, >= netstandard13
      System.IO.FileSystem (>= 4.3) - framework: dnxcore50, >= netstandard13
      System.IO.FileSystem.Primitives (>= 4.3) - framework: dnxcore50, >= netstandard13
      System.Resources.ResourceManager (>= 4.3) - framework: dnxcore50, >= netstandard13
      System.Runtime (>= 4.3) - framework: dnxcore50, netstandard10, >= netstandard13
      System.Runtime.Extensions (>= 4.3) - framework: dnxcore50, >= netstandard13
      System.Runtime.InteropServices (>= 4.3) - framework: dnxcore50, >= netstandard13
      System.Text.Encoding (>= 4.3) - framework: dnxcore50, netstandard10, >= netstandard13
      System.Text.Encoding.Extensions (>= 4.3) - framework: dnxcore50, >= netstandard13
      System.Text.RegularExpressions (>= 4.3) - framework: dnxcore50, >= netstandard13
      System.Threading.Tasks (>= 4.3) - framework: dnxcore50, netstandard10, >= netstandard13
      System.Threading.Tasks.Extensions (>= 4.3) - framework: dnxcore50, >= netstandard13
    System.Xml.XDocument (4.3) - framework: >= netstandard10
      System.Collections (>= 4.3) - framework: dnxcore50, >= netstandard13
      System.Diagnostics.Debug (>= 4.3) - framework: dnxcore50, >= netstandard13
      System.Diagnostics.Tools (>= 4.3) - framework: dnxcore50, >= netstandard13
      System.Globalization (>= 4.3) - framework: dnxcore50, >= netstandard13
      System.IO (>= 4.3) - framework: dnxcore50, netstandard10, >= netstandard13
      System.Reflection (>= 4.3) - framework: dnxcore50, >= netstandard13
      System.Resources.ResourceManager (>= 4.3) - framework: dnxcore50, >= netstandard13
      System.Runtime (>= 4.3) - framework: dnxcore50, netstandard10, >= netstandard13
      System.Runtime.Extensions (>= 4.3) - framework: dnxcore50, >= netstandard13
      System.Text.Encoding (>= 4.3) - framework: dnxcore50, >= netstandard13
      System.Threading (>= 4.3) - framework: dnxcore50, >= netstandard13
      System.Xml.ReaderWriter (>= 4.3) - framework: dnxcore50, netstandard10, >= netstandard13
    System.Xml.XmlDocument (4.3) - framework: >= netstandard13
      System.Collections (>= 4.3) - framework: >= netstandard13
      System.Diagnostics.Debug (>= 4.3) - framework: >= netstandard13
      System.Globalization (>= 4.3) - framework: >= netstandard13
      System.IO (>= 4.3) - framework: >= netstandard13
      System.Resources.ResourceManager (>= 4.3) - framework: >= netstandard13
      System.Runtime (>= 4.3) - framework: >= netstandard13
      System.Runtime.Extensions (>= 4.3) - framework: >= netstandard13
      System.Text.Encoding (>= 4.3) - framework: >= netstandard13
      System.Threading (>= 4.3) - framework: >= netstandard13
      System.Xml.ReaderWriter (>= 4.3) - framework: >= netstandard13
    Topshelf (4.0.3)
    Zlib.Portable (1.11)
